GEM
  specs:
    beaneater (0.3.2)

PLATFORMS
  ruby

DEPENDENCIES
  beaneater
